GIT
  remote: https://github.com/adaoraul/rack-jekyll.git
  revision: 0319574c173a74603fcb9c87a30f5c58a7102a7b
  specs:
    rack-jekyll (0.5.0)
      jekyll (>= 1.3)
      listen (>= 1.3)
      rack (~> 1.5)

GEM
  remote: https://rubygems.org/
  specs:
    colorator (1.1.0)
    concurrent-ruby (1.0.2)
    ffi (1.9.14)
    forwardable-extended (2.6.0)
    git-version-bump (0.15.1)
    jekyll (3.2.1)
      colorator (~> 1.0)
      jekyll-sass-converter (~> 1.0)
      jekyll-watch (~> 1.1)
      kramdown (~> 1.3)
      liquid (~> 3.0)
      mercenary (~> 0.3.3)
      pathutil (~> 0.9)
      rouge (~> 1.7)
      safe_yaml (~> 1.0)
    jekyll-sass-converter (1.4.0)
      sass (~> 3.4)
    jekyll-watch (1.5.0)
      listen (~> 3.0, < 3.1)
    kramdown (1.12.0)
    liquid (3.0.6)
    listen (3.0.8)
      rb-fsevent (~> 0.9, >= 0.9.4)
      rb-inotify (~> 0.9, >= 0.9.7)
    mercenary (0.3.6)
    pathutil (0.14.0)
      forwardable-extended (~> 2.6)
    puma (3.6.0)
    rack (1.6.4)
    rack-contrib (1.4.0)
      git-version-bump (~> 0.15)
      rack (~> 1.4)
    rake (11.3.0)
    rb-fsevent (0.9.7)
    rb-inotify (0.9.7)
      ffi (>= 0.5.0)
    rouge (1.11.1)
    safe_yaml (1.0.4)
    sass (3.4.22)
    shotgun (0.9.2)
      rack (>= 1.0)
    sprockets (3.7.0)
      concurrent-ruby (~> 1.0)
      rack (> 1, < 3)

PLATFORMS
  ruby

DEPENDENCIES
  bundler
  jekyll
  kramdown
  puma
  rack-contrib
  rack-jekyll!
  rake
  shotgun
  sprockets

BUNDLED WITH
   1.13.3
